GIT
  remote: https://github.com/bemky/uniform.git
  revision: 7389ebb80bd8a51b79c54ccf0fb9891acd6f381f
  specs:
    uniform-ui (3.0.0.beta11)
      sass

GIT
  remote: https://github.com/malomalo/condenser.git
  revision: 67ffd4874a2fac864a97fe11f077544fdad67408
  specs:
    condenser (1.2)
      erubi (~> 1.0)
      listen
      rack (> 1, < 3)

GIT
  remote: https://github.com/malomalo/middleman-condenser.git
  revision: 312865831e0e82bfb99cfe6c0b6ab2761859d858
  specs:
    middleman-condenser (0.0.3)
      condenser (>= 0.1)
      middleman-core (>= 4.2.1)

GIT
  remote: https://github.com/middleman/middleman.git
  revision: e1bc04e9a3f17c71c927e5a2baf8aab5a7e2de7f
  specs:
    middleman (4.5.0)
      coffee-script (~> 2.2)
      haml (>= 4.0.5)
      kramdown (>= 2.3.0)
      middleman-cli (= 4.5.0)
      middleman-core (= 4.5.0)
    middleman-cli (4.5.0)
      thor (>= 0.17.0, < 2.0)
    middleman-core (4.5.0)
      activesupport (>= 6.1, < 7.1)
      addressable (~> 2.4)
      backports (~> 3.6)
      bundler (~> 2.0)
      contracts (~> 0.13, < 0.17)
      dotenv
      erubis
      execjs (~> 2.0)
      fast_blank
      fastimage (~> 2.0)
      hamster (~> 3.0)
      hashie (~> 3.4)
      i18n (~> 1.6.0)
      listen (~> 3.0)
      memoist (~> 0.14)
      padrino-helpers (~> 0.15.0)
      parallel
      rack (>= 1.4.5, < 3)
      sassc (~> 2.0)
      servolux
      tilt (~> 2.0.9)
      toml
      uglifier (~> 3.0)
      webrick

GIT
  remote: https://github.com/tnir/middleman-syntax.git
  revision: 7bb2b42e5af96223100c104f2553abf987af0098
  branch: haml-6.x
  specs:
    middleman-syntax (4.0.0.alpha.1)
      middleman-core (>= 3.2)
      rouge (~> 3.2)

GEM
  remote: https://rubygems.org/
  specs:
    activesupport (7.0.8)
      concurrent-ruby (~> 1.0, >= 1.0.2)
      i18n (>= 1.6, < 2)
      minitest (>= 5.1)
      tzinfo (~> 2.0)
    addressable (2.8.5)
      public_suffix (>= 2.0.2, < 6.0)
    autoprefixer-rails (9.8.6.5)
      execjs
    backports (3.24.1)
    byebug (11.1.3)
    coffee-script (2.4.1)
      coffee-script-source
      execjs
    coffee-script-source (1.12.2)
    commonmarker (0.23.8)
    concurrent-ruby (1.2.2)
    contracts (0.16.1)
    dotenv (2.8.1)
    erubi (1.12.0)
    erubis (2.7.0)
    execjs (2.9.0)
    fast_blank (1.0.1)
    fastimage (2.2.7)
    ffi (1.15.5)
    github-markup (4.0.1)
    haml (6.1.2)
      temple (>= 0.8.2)
      thor
      tilt
    hamster (3.0.0)
      concurrent-ruby (~> 1.0)
    hashie (3.6.0)
    i18n (1.6.0)
      concurrent-ruby (~> 1.0)
    kramdown (2.4.0)
      rexml
    listen (3.8.0)
      rb-fsevent (~> 0.10, >= 0.10.3)
      rb-inotify (~> 0.9, >= 0.9.10)
    memoist (0.16.2)
    middleman-autoprefixer (2.10.1)
      autoprefixer-rails (~> 9.1)
      middleman-core (>= 3.3.3)
    minitest (5.20.0)
    padrino-helpers (0.15.3)
      i18n (>= 0.6.7, < 2)
      padrino-support (= 0.15.3)
      tilt (>= 1.4.1, < 3)
    padrino-support (0.15.3)
    parallel (1.23.0)
    parslet (2.0.0)
    public_suffix (5.0.3)
    rack (2.2.8)
    rb-fsevent (0.11.2)
    rb-inotify (0.10.1)
      ffi (~> 1.0)
    rexml (3.2.6)
    rouge (3.30.0)
    sass (3.7.4)
      sass-listen (~> 4.0.0)
    sass-listen (4.0.0)
      rb-fsevent (~> 0.9, >= 0.9.4)
      rb-inotify (~> 0.9, >= 0.9.7)
    sassc (2.4.0)
      ffi (~> 1.9)
    servolux (0.13.0)
    temple (0.10.2)
    thor (1.2.2)
    tilt (2.0.11)
    toml (0.3.0)
      parslet (>= 1.8.0, < 3.0.0)
    tzinfo (2.0.6)
      concurrent-ruby (~> 1.0)
    uglifier (3.2.0)
      execjs (>= 0.3.0, < 3)
    webrick (1.8.1)

PLATFORMS
  arm64-darwin-22

DEPENDENCIES
  byebug
  commonmarker
  condenser!
  github-markup
  middleman!
  middleman-autoprefixer (~> 2.7)
  middleman-condenser!
  middleman-syntax!
  tzinfo-data
  uniform-ui!
  wdm (~> 0.1)

BUNDLED WITH
   2.4.5
